PATH
  remote: .
  specs:
    gem_release_helper (1.0.0)

GEM
  remote: https://rubygems.org/
  specs:
    codeclimate-test-reporter (0.4.7)
      simplecov (>= 0.7.1, < 1.0.0)
    coderay (1.1.0)
    docile (1.1.5)
    ffi (1.9.10-java)
    json (1.8.3)
    json (1.8.3-java)
    method_source (0.8.2)
    power_assert (0.2.3)
    pry (0.10.1)
      coderay (~> 1.1.0)
      method_source (~> 0.8.1)
      slop (~> 3.4)
    pry (0.10.1-java)
      coderay (~> 1.1.0)
      method_source (~> 0.8.1)
      slop (~> 3.4)
      spoon (~> 0.0)
    rake (10.4.2)
    rr (1.1.2)
    simplecov (0.10.0)
      docile (~> 1.1.0)
      json (~> 1.8)
      simplecov-html (~> 0.10.0)
    simplecov-html (0.10.0)
    slop (3.6.0)
    spoon (0.0.4)
      ffi
    test-unit (3.1.2)
      power_assert
    test-unit-rr (1.0.3)
      rr (>= 1.1.1)
      test-unit (>= 2.5.2)

PLATFORMS
  java
  ruby

DEPENDENCIES
  bundler (~> 1.7)
  codeclimate-test-reporter
  gem_release_helper!
  pry
  rake (~> 10.0)
  test-unit
  test-unit-rr

BUNDLED WITH
   1.12.5
